GEM
  remote: https://rubygems.org/
  specs:
    coderay (1.1.2)
    method_source (0.9.0)
    pry (0.11.3)
      coderay (~> 1.1.0)
      method_source (~> 0.9.0)
    rake (12.3.1)
    sqlite3 (1.3.13-x64-mingw32)

PLATFORMS
  x64-mingw32

DEPENDENCIES
  pry
  rake
  sqlite3

BUNDLED WITH
   1.16.6
